GEM
  remote: https://rubygems.org/
  specs:
    json (2.13.2)
    logger (1.7.0)

PLATFORMS
  arm64-darwin-22
  ruby

DEPENDENCIES
  json (~> 2.6)
  logger (~> 1.5)

RUBY VERSION
   ruby 3.2.2p53

BUNDLED WITH
   2.6.5
